GIT
  remote: https://github.com/pdrakeweb/systemd-daemon.git
  revision: 44623468b56dcd945242e313bef1cd6aeb48068b
  ref: wip
  specs:
    systemd-daemon (0.1.0)

GEM
  remote: https://rubygems.org/
  specs:
    mini_portile2 (2.8.5)
    mysql2 (0.4.2)
    nokogiri (1.15.6)
      mini_portile2 (~> 2.8.2)
      racc (~> 1.4)
    racc (1.7.3)
    sqlite3 (1.3.11)

PLATFORMS
  ruby

DEPENDENCIES
  mysql2
  nokogiri
  sqlite3
  systemd-daemon!

BUNDLED WITH
   1.11.2
